GEM
  remote: https://rubygems.org/
  specs:
    ZenTest (4.11.1)
    autotest (4.4.6)
      ZenTest (>= 4.4.1)
    autotest-fsevent (0.2.12)
      sys-uname
    autotest-growl (0.2.16)
    diff-lcs (1.1.3)
    ffi (1.9.18)
    rspec (2.3.0)
      rspec-core (~> 2.3.0)
      rspec-expectations (~> 2.3.0)
      rspec-mocks (~> 2.3.0)
    rspec-core (2.3.1)
    rspec-expectations (2.3.0)
      diff-lcs (~> 1.1.2)
    rspec-mocks (2.3.0)
    sys-uname (1.0.3)
      ffi (>= 1.0.0)

PLATFORMS
  ruby

DEPENDENCIES
  autotest
  autotest-fsevent
  autotest-growl
  rspec (= 2.3.0)

RUBY VERSION
   ruby 2.3.0p0

BUNDLED WITH
   1.15.4
